GIT
  remote: https://github.com/jekyll/jekyll-sass-converter.git
  revision: 41740374682ea691207c267cfbcca7ea30438b91
  specs:
    jekyll-sass-converter (2.2.0)
      sassc (> 2.0.1, < 3.0)

GEM
  remote: https://rubygems.org/
  specs:
    activesupport (7.0.2.3)
      concurrent-ruby (~> 1.0, >= 1.0.2)
      i18n (>= 1.6, < 2)
      minitest (>= 5.1)
      tzinfo (~> 2.0)
    addressable (2.8.0)
      public_suffix (>= 2.0.2, < 5.0)
    autoprefixer-rails (10.4.2.0)
      execjs (~> 2)
    colorator (1.1.0)
    commonmarker (0.23.4)
    concurrent-ruby (1.1.10)
    crass (1.0.6)
    em-websocket (0.5.3)
      eventmachine (>= 0.12.9)
      http_parser.rb (~> 0)
    email_reply_parser (0.5.10)
    escape_utils (1.2.1)
    eventmachine (1.2.7)
    execjs (2.8.1)
    extended-markdown-filter (0.7.0)
      html-pipeline (~> 2.9)
    fastimage (1.8.1)
      addressable (~> 2.3, >= 2.3.5)
    ffi (1.15.5)
    forwardable-extended (2.6.0)
    gemoji (3.0.1)
    github-markdown (0.6.9)
    google-protobuf (3.20.1-x86_64-linux)
    hike (1.2.3)
    html-pipeline (2.14.1)
      activesupport (>= 2)
      nokogiri (>= 1.4)
    http_parser.rb (0.8.0)
    i18n (1.10.0)
      concurrent-ruby (~> 1.0)
    jekyll (4.2.2)
      addressable (~> 2.4)
      colorator (~> 1.0)
      em-websocket (~> 0.5)
      i18n (~> 1.0)
      jekyll-sass-converter (~> 2.0)
      jekyll-watch (~> 2.0)
      kramdown (~> 2.3)
      kramdown-parser-gfm (~> 1.0)
      liquid (~> 4.0)
      mercenary (~> 0.4.0)
      pathutil (~> 0.9)
      rouge (~> 3.0)
      safe_yaml (~> 1.0)
      terminal-table (~> 2.0)
    jekyll-assets (1.0.0)
      fastimage (~> 1.6)
      jekyll (>= 2)
      mini_magick (~> 4.1)
      sass (~> 3.2)
      sprockets (~> 2.10)
      sprockets-helpers
      sprockets-sass
    jekyll-assets-autoprefixer (1.0.0.pre.alpha3)
      autoprefixer-rails
      jekyll-assets (~> 1.0.0.pre.alpha0)
    jekyll-avatar (0.8.0)
      jekyll (>= 3.0, < 5.0)
    jekyll-feed (0.16.0)
      jekyll (>= 3.7, < 5.0)
    jekyll-html-pipeline (1.0.0)
      html-pipeline (>= 1.0)
      jekyll (>= 2.0)
    jekyll-mentions (1.6.0)
      html-pipeline (~> 2.3)
      jekyll (>= 3.7, < 5.0)
    jekyll-octicons (17.0.0)
      jekyll (>= 3.6, < 5.0)
      octicons (= 17.0.0)
    jekyll-redirect-from (0.16.0)
      jekyll (>= 3.3, < 5.0)
    jekyll-seo-tag (2.8.0)
      jekyll (>= 3.8, < 5.0)
    jekyll-sitemap (1.4.0)
      jekyll (>= 3.7, < 5.0)
    jekyll-watch (2.2.1)
      listen (~> 3.0)
    jemoji (0.12.0)
      gemoji (~> 3.0)
      html-pipeline (~> 2.2)
      jekyll (>= 3.0, < 5.0)
    kramdown (2.3.2)
      rexml
    kramdown-parser-gfm (1.1.0)
      kramdown (~> 2.0)
    liquid (4.0.3)
    listen (3.7.1)
      rb-fsevent (~> 0.10, >= 0.10.3)
      rb-inotify (~> 0.9, >= 0.9.10)
    mercenary (0.4.0)
    mini_magick (4.11.0)
    minitest (5.15.0)
    multi_json (1.15.0)
    nokogiri (1.13.4-x86_64-linux)
      racc (~> 1.4)
    octicons (17.0.0)
    pathutil (0.16.2)
      forwardable-extended (~> 2.6)
    public_suffix (4.0.7)
    racc (1.6.0)
    rack (1.6.13)
    rake (13.0.6)
    rb-fsevent (0.11.1)
    rb-inotify (0.10.1)
      ffi (~> 1.0)
    rexml (3.2.5)
    rinku (2.0.6)
    rouge (3.28.0)
    safe_yaml (1.0.5)
    sanitize (6.0.0)
      crass (~> 1.0.2)
      nokogiri (>= 1.12.0)
    sass (3.7.4)
      sass-listen (~> 4.0.0)
    sass-embedded (1.4.4)
      google-protobuf (~> 3.19)
      rake (>= 10.0.0)
    sass-listen (4.0.0)
      rb-fsevent (~> 0.9, >= 0.9.4)
      rb-inotify (~> 0.9, >= 0.9.7)
    sassc (2.4.0)
      ffi (~> 1.9)
    sprockets (2.12.5)
      hike (~> 1.2)
      multi_json (~> 1.0)
      rack (~> 1.0)
      tilt (~> 1.1, != 1.3.0)
    sprockets-helpers (1.4.0)
      sprockets (>= 2.2)
    sprockets-sass (1.3.1)
      sprockets (~> 2.0)
      tilt (~> 1.1)
    terminal-table (2.0.0)
      unicode-display_width (~> 1.1, >= 1.1.1)
    tilt (1.4.1)
    tzinfo (2.0.4)
      concurrent-ruby (~> 1.0)
    unicode-display_width (1.8.0)
    wdm (0.1.1)
    webrick (1.7.0)
    yaml-lint (0.0.10)

PLATFORMS
  x86_64-linux

DEPENDENCIES
  commonmarker (~> 0.16)
  email_reply_parser (~> 0.5)
  escape_utils (~> 1.0)
  extended-markdown-filter
  gemoji (>= 2.0)
  github-markdown
  jekyll (~> 4.2.1)
  jekyll-assets
  jekyll-assets-autoprefixer
  jekyll-avatar
  jekyll-feed
  jekyll-html-pipeline
  jekyll-mentions
  jekyll-octicons
  jekyll-redirect-from
  jekyll-sass-converter!
  jekyll-seo-tag
  jekyll-sitemap
  jemoji
  kramdown-parser-gfm
  octicons
  rinku (~> 2.0)
  rouge (~> 3.1)
  sanitize (~> 6.0)
  sass-embedded
  tzinfo-data
  wdm (~> 0.1.0)
  webrick (~> 1.7)
  yaml-lint (~> 0.0.10)

BUNDLED WITH
   2.3.12
