GEM
  remote: https://rubygems.org/
  specs:
    RedCloth (4.3.2)
    activesupport (7.0.2.3)
      concurrent-ruby (~> 1.0, >= 1.0.2)
      i18n (>= 1.6, < 2)
      minitest (>= 5.1)
      tzinfo (~> 2.0)
    addressable (2.8.0)
      public_suffix (>= 2.0.2, < 5.0)
    colorator (1.1.0)
    commonmarker (0.23.4)
    concurrent-ruby (1.1.10)
    crass (1.0.6)
    em-websocket (0.5.3)
      eventmachine (>= 0.12.9)
      http_parser.rb (~> 0)
    email_reply_parser (0.5.10)
    escape_utils (1.2.1)
    eventmachine (1.2.7)
    extended-markdown-filter (0.7.0)
      html-pipeline (~> 2.9)
    ffi (1.15.5)
    forwardable-extended (2.6.0)
    gemoji (3.0.1)
    html-pipeline (2.14.1)
      activesupport (>= 2)
      nokogiri (>= 1.4)
    http_parser.rb (0.8.0)
    i18n (1.10.0)
      concurrent-ruby (~> 1.0)
    jekyll (4.2.2)
      addressable (~> 2.4)
      colorator (~> 1.0)
      em-websocket (~> 0.5)
      i18n (~> 1.0)
      jekyll-sass-converter (~> 2.0)
      jekyll-watch (~> 2.0)
      kramdown (~> 2.3)
      kramdown-parser-gfm (~> 1.0)
      liquid (~> 4.0)
      mercenary (~> 0.4.0)
      pathutil (~> 0.9)
      rouge (~> 3.0)
      safe_yaml (~> 1.0)
      terminal-table (~> 2.0)
    jekyll-avatar (0.8.0)
      jekyll (>= 3.0, < 5.0)
    jekyll-feed (0.16.0)
      jekyll (>= 3.7, < 5.0)
    jekyll-html-pipeline (1.0.0)
      html-pipeline (>= 1.0)
      jekyll (>= 2.0)
    jekyll-mentions (1.6.0)
      html-pipeline (~> 2.3)
      jekyll (>= 3.7, < 5.0)
    jekyll-octicons (17.0.0)
      jekyll (>= 3.6, < 5.0)
      octicons (= 17.0.0)
    jekyll-redirect-from (0.16.0)
      jekyll (>= 3.3, < 5.0)
    jekyll-sass-converter (2.2.0)
      sassc (> 2.0.1, < 3.0)
    jekyll-seo-tag (2.8.0)
      jekyll (>= 3.8, < 5.0)
    jekyll-sitemap (1.4.0)
      jekyll (>= 3.7, < 5.0)
    jekyll-watch (2.2.1)
      listen (~> 3.0)
    jemoji (0.12.0)
      gemoji (~> 3.0)
      html-pipeline (~> 2.2)
      jekyll (>= 3.0, < 5.0)
    kramdown (2.3.2)
      rexml
    kramdown-parser-gfm (1.1.0)
      kramdown (~> 2.0)
    liquid (4.0.3)
    listen (3.7.1)
      rb-fsevent (~> 0.10, >= 0.10.3)
      rb-inotify (~> 0.9, >= 0.9.10)
    mercenary (0.4.0)
    minitest (5.15.0)
    nokogiri (1.13.4-x86_64-linux)
      racc (~> 1.4)
    octicons (17.0.0)
    pathutil (0.16.2)
      forwardable-extended (~> 2.6)
    public_suffix (4.0.7)
    racc (1.6.0)
    rb-fsevent (0.11.1)
    rb-inotify (0.10.1)
      ffi (~> 1.0)
    rexml (3.2.5)
    rinku (2.0.6)
    rouge (3.28.0)
    safe_yaml (1.0.5)
    sanitize (6.0.0)
      crass (~> 1.0.2)
      nokogiri (>= 1.12.0)
    sassc (2.4.0)
      ffi (~> 1.9)
    terminal-table (2.0.0)
      unicode-display_width (~> 1.1, >= 1.1.1)
    tzinfo (2.0.4)
      concurrent-ruby (~> 1.0)
    unicode-display_width (1.8.0)
    wdm (0.1.1)
    webrick (1.7.0)
    yaml-lint (0.0.10)

PLATFORMS
  x86_64-linux

DEPENDENCIES
  RedCloth (~> 4.3.0)
  commonmarker (~> 0.16)
  email_reply_parser (~> 0.5)
  escape_utils (~> 1.0)
  extended-markdown-filter
  gemoji (>= 2.0)
  jekyll (~> 4.2.1)
  jekyll-avatar
  jekyll-feed
  jekyll-html-pipeline
  jekyll-mentions
  jekyll-octicons
  jekyll-redirect-from
  jekyll-seo-tag
  jekyll-sitemap
  jemoji
  kramdown-parser-gfm
  rinku (~> 2.0)
  rouge (~> 3.1)
  sanitize (~> 6.0)
  tzinfo-data
  wdm (~> 0.1.0)
  webrick (~> 1.7)
  yaml-lint (~> 0.0.10)

BUNDLED WITH
   2.3.11
